GEM
  remote: https://rubygems.org/
  specs:
    binding_of_caller (0.6.7)
    coderay (1.0.7)
    columnize (0.3.6)
    debugger (1.1.4)
      columnize (>= 0.3.1)
      debugger-linecache (~> 1.1.1)
      debugger-ruby_core_source (~> 1.1.3)
    debugger-linecache (1.1.2)
      debugger-ruby_core_source (>= 1.1.1)
    debugger-ruby_core_source (1.1.3)
    diff-lcs (1.1.3)
    method_source (0.8)
    multi_json (1.3.6)
    pry (0.9.10)
      coderay (~> 1.0.5)
      method_source (~> 0.8)
      slop (~> 3.3.1)
    pry-debugger (0.2.0)
      debugger (~> 1.1.3)
      pry (~> 0.9.9)
    pry-stack_explorer (0.4.5)
      binding_of_caller (~> 0.6.2)
    rspec (2.11.0)
      rspec-core (~> 2.11.0)
      rspec-expectations (~> 2.11.0)
      rspec-mocks (~> 2.11.0)
    rspec-core (2.11.1)
    rspec-expectations (2.11.3)
      diff-lcs (~> 1.1.3)
    rspec-mocks (2.11.3)
    simplecov (0.6.4)
      multi_json (~> 1.0)
      simplecov-html (~> 0.5.3)
    simplecov-html (0.5.3)
    slop (3.3.3)

PLATFORMS
  ruby

DEPENDENCIES
  pry
  pry-debugger
  pry-stack_explorer
  rspec
  simplecov
